PATH
  remote: .
  specs:
    id_validator (0.3.0)

GEM
  remote: https://rubygems.org/
  specs:
    minitest (5.11.3)
    rake (10.5.0)

PLATFORMS
  ruby

DEPENDENCIES
  bundler (~> 1.16)
  id_validator!
  minitest (~> 5.0)
  rake (~> 10.0)

BUNDLED WITH
   1.16.2
